GEM
  remote: http://rubygems.org/
  specs:
    minitest (2.5.1)
    rack (1.6.11)
    sinatra (1.2.6)
      rack (~> 1.1)
      tilt (>= 1.2.2, < 2.0)
    tilt (1.3.3)

PLATFORMS
  ruby

DEPENDENCIES
  minitest
  sinatra
